GIT
  remote: /home/olaf/Rails/my-gems/formular
  revision: 26537f0ea22c762b42dbc8ae68c32ec2e8a8c9bb
  specs:
    formular (0.1.1)
      haml

GIT
  remote: /home/olaf/Rails/my-gems/lazy
  revision: 6d2c5ecf9867d578163796dc3c036f9a3df6f833
  specs:
    lazy (0.1.0)

GIT
  remote: /home/olaf/Rails/my-gems/persistent
  revision: e360a83c970a453a4dde9049a03e75e527756aa5
  specs:
    persistent (0.1.0)
      lazy

GIT
  remote: /home/olaf/Rails/my-gems/verboten
  revision: 4b9e6cc7f1fd6abfc5facd7517b144729b188556
  specs:
    verboten (0.1.0)

GEM
  remote: http://rubygems.org/
  specs:
    RedCloth (4.2.3)
    abstract (1.0.0)
    actionmailer (3.0.0)
      actionpack (= 3.0.0)
      mail (~> 2.2.5)
    actionpack (3.0.0)
      activemodel (= 3.0.0)
      activesupport (= 3.0.0)
      builder (~> 2.1.2)
      erubis (~> 2.6.6)
      i18n (~> 0.4.1)
      rack (~> 1.2.1)
      rack-mount (~> 0.6.12)
      rack-test (~> 0.5.4)
      tzinfo (~> 0.3.23)
    activemodel (3.0.0)
      activesupport (= 3.0.0)
      builder (~> 2.1.2)
      i18n (~> 0.4.1)
    activerecord (3.0.0)
      activemodel (= 3.0.0)
      activesupport (= 3.0.0)
      arel (~> 1.0.0)
      tzinfo (~> 0.3.23)
    activeresource (3.0.0)
      activemodel (= 3.0.0)
      activesupport (= 3.0.0)
    activesupport (3.0.0)
    arel (1.0.1)
      activesupport (~> 3.0.0)
    builder (2.1.2)
    capybara (0.3.9)
      culerity (>= 0.2.4)
      mime-types (>= 1.16)
      nokogiri (>= 1.3.3)
      rack (>= 1.0.0)
      rack-test (>= 0.5.4)
      selenium-webdriver (>= 0.0.3)
    configuration (1.1.0)
    cucumber (0.8.5)
      builder (~> 2.1.2)
      diff-lcs (~> 1.1.2)
      gherkin (~> 2.1.4)
      json_pure (~> 1.4.3)
      term-ansicolor (~> 1.0.4)
    cucumber-rails (0.3.2)
      cucumber (>= 0.8.0)
    culerity (0.2.12)
    daemons (1.0.10)
    database_cleaner (0.5.2)
    diff-lcs (1.1.2)
    erubis (2.6.6)
      abstract (>= 1.0.0)
    faker (0.3.1)
    ffi (0.6.3)
      rake (>= 0.8.7)
    gem_plugin (0.2.3)
    gherkin (2.1.5)
      trollop (~> 1.16.2)
    haml (3.0.18)
    i18n (0.4.1)
    json_pure (1.4.6)
    launchy (0.3.7)
      configuration (>= 0.0.5)
      rake (>= 0.8.1)
    machinist (1.0.6)
    mail (2.2.5)
      activesupport (>= 2.3.6)
      mime-types
      treetop (>= 1.4.5)
    mime-types (1.16)
    mongrel (1.2.0.pre2)
      daemons (~> 1.0.10)
      gem_plugin (~> 0.2.3)
    nokogiri (1.4.3.1)
    polyglot (0.3.1)
    rack (1.2.1)
    rack-mount (0.6.13)
      rack (>= 1.0.0)
    rack-test (0.5.4)
      rack (>= 1.0)
    rails (3.0.0)
      actionmailer (= 3.0.0)
      actionpack (= 3.0.0)
      activerecord (= 3.0.0)
      activeresource (= 3.0.0)
      activesupport (= 3.0.0)
      bundler (~> 1.0.0)
      railties (= 3.0.0)
    railties (3.0.0)
      actionpack (= 3.0.0)
      activesupport (= 3.0.0)
      rake (>= 0.8.4)
      thor (~> 0.14.0)
    rake (0.8.7)
    rspec (2.0.0.beta.20)
      rspec-core (= 2.0.0.beta.20)
      rspec-expectations (= 2.0.0.beta.20)
      rspec-mocks (= 2.0.0.beta.20)
    rspec-core (2.0.0.beta.20)
    rspec-expectations (2.0.0.beta.20)
      diff-lcs (>= 1.1.2)
    rspec-mocks (2.0.0.beta.20)
    rspec-rails (2.0.0.beta.20)
      rspec (= 2.0.0.beta.20)
    rubyzip (0.9.4)
    sanitize (1.2.1)
      nokogiri (~> 1.4.1)
    selenium-webdriver (0.0.28)
      ffi (>= 0.6.1)
      json_pure
      rubyzip
    spork (0.8.4)
    sqlite3-ruby (1.3.1)
    term-ansicolor (1.0.5)
    thor (0.14.0)
    treetop (1.4.8)
      polyglot (>= 0.3.1)
    trollop (1.16.2)
    tzinfo (0.3.23)

PLATFORMS
  ruby

DEPENDENCIES
  RedCloth
  bundler (= 1.0.0)
  capybara
  cucumber
  cucumber-rails
  database_cleaner
  faker
  formular!
  haml
  json_pure
  launchy
  lazy!
  machinist
  mongrel (= 1.2.0.pre2)
  persistent!
  rails (= 3.0.0)
  rspec-rails (>= 2.0.0.beta.20)
  sanitize
  spork
  sqlite3-ruby
  verboten!
